GEM
  remote: https://rubygems.org/
  specs:
    bson (4.3.0)
    mongo (2.6.2)
      bson (>= 4.3.0, < 5.0.0)
    mustermann (1.0.3)
    rack (2.0.6)
    rack-protection (2.0.4)
      rack
    sinatra (2.0.4)
      mustermann (~> 1.0)
      rack (~> 2.0)
      rack-protection (= 2.0.4)
      tilt (~> 2.0)
    tilt (2.0.8)

PLATFORMS
  x86-mingw32

DEPENDENCIES
  mongo
  sinatra

BUNDLED WITH
   1.15.3
